GEM
  remote: https://rubygems.org/
  specs:
    activesupport (4.2.5)
      i18n (~> 0.7)
      json (~> 1.7, >= 1.7.7)
      minitest (~> 5.1)
      thread_safe (~> 0.3, >= 0.3.4)
      tzinfo (~> 1.1)
    i18n (0.7.0)
    json (1.8.3)
    minitest (5.8.2)
    pg (0.18.4)
    rails_12factor (0.0.3)
      rails_serve_static_assets
      rails_stdout_logging
    rails_serve_static_assets (0.0.4)
    rails_stdout_logging (0.0.4)
    thread_safe (0.3.5)
    tzinfo (1.2.2)
      thread_safe (~> 0.1)
    webrick (1.3.1)

PLATFORMS
  ruby

DEPENDENCIES
  activesupport
  pg
  rails_12factor
  webrick

BUNDLED WITH
   1.10.6
